GEM
  remote: https://rubygems.org/
  specs:
    activesupport (5.2.1)
      concurrent-ruby (~> 1.0, >= 1.0.2)
      i18n (>= 0.7, < 2)
      minitest (~> 5.1)
      tzinfo (~> 1.1)
    concurrent-ruby (1.0.5)
    faraday (0.15.3)
      multipart-post (>= 1.2, < 3)
    faraday_middleware (0.12.2)
      faraday (>= 0.7.4, < 1.0)
    i18n (1.1.1)
      concurrent-ruby (~> 1.0)
    json_schema (0.19.1)
    minitest (5.11.3)
    multipart-post (2.0.0)
    plz (0.1.7)
      activesupport
      faraday
      faraday_middleware
      json_schema
      rack
      rainbow
      rouge (< 2.0.0)
      slop (~> 3.0)
    rack (2.0.5)
    rainbow (3.0.0)
    rouge (1.11.1)
    slop (3.6.0)
    thread_safe (0.3.6)
    tzinfo (1.2.5)
      thread_safe (~> 0.1)

PLATFORMS
  ruby

DEPENDENCIES
  plz

BUNDLED WITH
   1.16.6
