GEM
  remote: https://rubygems.org/
  specs:
    oj (3.6.13)

PLATFORMS
  ruby

DEPENDENCIES
  oj

BUNDLED WITH
   1.17.0
